PATH
  remote: .
  specs:
    capybara-typhoeus (0.2.1)
      capybara (~> 1.1.1)
      typhoeus (~> 0.2.4)
      yajl-ruby (~> 1.0.0)

GEM
  remote: http://rubygems.org/
  specs:
    capybara (1.1.1)
      mime-types (>= 1.16)
      nokogiri (>= 1.3.3)
      rack (>= 1.0.0)
      rack-test (>= 0.5.4)
      selenium-webdriver (~> 2.0)
      xpath (~> 0.1.4)
    childprocess (0.2.2)
      ffi (~> 1.0.6)
    daemons (1.0.10)
    diff-lcs (1.1.2)
    ffi (1.0.9)
    gem_plugin (0.2.3)
    json_pure (1.6.1)
    mime-types (1.16)
    mongrel (1.2.0.pre2)
      daemons (~> 1.0.10)
      gem_plugin (~> 0.2.3)
    nokogiri (1.5.0)
    rack (1.2.2)
    rack-test (0.6.1)
      rack (>= 1.0)
    rake (0.9.2)
    rspec (2.5.0)
      rspec-core (~> 2.5.0)
      rspec-expectations (~> 2.5.0)
      rspec-mocks (~> 2.5.0)
    rspec-core (2.5.1)
    rspec-expectations (2.5.0)
      diff-lcs (~> 1.1.2)
    rspec-mocks (2.5.0)
    rubyzip (0.9.4)
    selenium-webdriver (2.8.0)
      childprocess (>= 0.2.1)
      ffi (>= 1.0.7)
      json_pure
      rubyzip
    sinatra (1.2.3)
      rack (~> 1.1)
      tilt (>= 1.2.2, < 2.0)
    tilt (1.2.2)
    typhoeus (0.2.4)
      mime-types
      mime-types
    xpath (0.1.4)
      nokogiri (~> 1.3)
    yajl-ruby (1.0.0)

PLATFORMS
  ruby

DEPENDENCIES
  capybara-typhoeus!
  mongrel (~> 1.2.pre)
  rake
  rspec (~> 2.5.0)
  sinatra (~> 1.2.3)
