PATH
  remote: .
  specs:
    capybara-typhoeus (0.2.10)
      capybara (~> 1.1.2)
      typhoeus (= 0.5.4)
      yajl-ruby (~> 1.0)

GEM
  remote: http://bundler-api.herokuapp.com/
  specs:
    capybara (1.1.4)
      mime-types (>= 1.16)
      nokogiri (>= 1.3.3)
      rack (>= 1.0.0)
      rack-test (>= 0.5.4)
      selenium-webdriver (~> 2.0)
      xpath (~> 0.1.4)
    childprocess (0.3.7)
      ffi (~> 1.0, >= 1.0.6)
    diff-lcs (1.1.3)
    ethon (0.5.7)
      ffi (~> 1.2.0)
      mime-types (~> 1.18)
    ffi (1.2.1)
    mime-types (1.19)
    multi_json (1.5.0)
    nokogiri (1.5.6)
    rack (1.4.1)
    rack-protection (1.2.0)
      rack
    rack-test (0.6.2)
      rack (>= 1.0)
    rake (0.9.2.2)
    rspec (2.11.0)
      rspec-core (~> 2.11.0)
      rspec-expectations (~> 2.11.0)
      rspec-mocks (~> 2.11.0)
    rspec-core (2.11.1)
    rspec-expectations (2.11.3)
      diff-lcs (~> 1.1.3)
    rspec-mocks (2.11.3)
    rubyzip (0.9.9)
    selenium-webdriver (2.29.0)
      childprocess (>= 0.2.5)
      multi_json (~> 1.0)
      rubyzip
      websocket (~> 1.0.4)
    sinatra (1.3.3)
      rack (~> 1.3, >= 1.3.6)
      rack-protection (~> 1.2)
      tilt (~> 1.3, >= 1.3.3)
    tilt (1.3.3)
    typhoeus (0.5.4)
      ethon (~> 0.5.7)
    websocket (1.0.6)
    xpath (0.1.4)
      nokogiri (~> 1.3)
    yajl-ruby (1.1.0)

PLATFORMS
  ruby

DEPENDENCIES
  capybara-typhoeus!
  rack
  rake
  rspec
  sinatra
